GEM
  remote: http://rubygems.org/
  specs:
    RubyInline (3.8.6)
      ZenTest (~> 4.3)
    ZenTest (4.4.0)
    activemodel (7.0.4.1)
      activesupport (= 7.0.4.1)
    activerecord (7.0.4.1)
      activemodel (= 7.0.4.1)
      activesupport (= 7.0.4.1)
    activesupport (7.0.4.1)
      concurrent-ruby (~> 1.0, >= 1.0.2)
      i18n (>= 1.6, < 2)
      minitest (>= 5.1)
      tzinfo (~> 2.0)
    addressable (2.2.1)
    aws (2.3.21)
      http_connection
      uuidtools
      xml-simple
    aws-s3 (0.6.2)
      builder
      mime-types
      xml-simple
    bson (4.15.0)
    bson_ext (1.0.7)
    builder (2.1.2)
    concurrent-ruby (1.1.10)
    cucumber (0.8.5)
      builder (~> 2.1.2)
      diff-lcs (~> 1.1.2)
      gherkin (~> 2.1.4)
      json_pure (~> 1.4.3)
      term-ansicolor (~> 1.0.4)
    data_objects (0.10.2)
      addressable (~> 2.1)
    diff-lcs (1.1.2)
    dm-core (1.0.2)
      addressable (~> 2.2)
      extlib (~> 0.9.15)
    dm-do-adapter (1.0.2)
      data_objects (~> 0.10.2)
      dm-core (~> 1.0.2)
    dm-migrations (1.0.2)
      dm-core (~> 1.0.2)
    dm-sqlite-adapter (1.0.2)
      dm-do-adapter (~> 1.0.2)
      do_sqlite3 (~> 0.10.2)
    dm-validations (1.0.2)
      dm-core (~> 1.0.2)
    do_sqlite3 (0.10.2)
      data_objects (= 0.10.2)
    extlib (0.9.15)
    gherkin (2.1.5)
      trollop (~> 1.16.2)
    http_connection (1.3.1)
    i18n (1.12.0)
      concurrent-ruby (~> 1.0)
    image_science (1.2.1)
    json (1.4.6)
    json_pure (1.4.6)
    mime-types (1.16)
    mini_magick (2.1)
      subexec (~> 0.0.4)
    minitest (5.17.0)
    mongo (2.18.2)
      bson (>= 4.14.1, < 5.0.0)
    mongoid (8.0.3)
      activemodel (>= 5.1, < 7.1, != 7.0.0)
      mongo (>= 2.18.0, < 3.0.0)
      ruby2_keywords (~> 0.0.5)
    rmagick (2.13.1)
    rspec (1.3.0)
    ruby2_keywords (0.0.5)
    sequel (3.15.0)
    sqlite3-ruby (1.3.1)
    subexec (0.0.4)
    term-ansicolor (1.0.5)
    timecop (0.3.5)
    trollop (1.16.2)
    tzinfo (2.0.5)
      concurrent-ruby (~> 1.0)
    uuidtools (2.1.1)
    xml-simple (1.0.12)

PLATFORMS
  ruby

DEPENDENCIES
  RubyInline
  activerecord (~> 7.0.4)
  activesupport (~> 7.0.4)
  aws
  aws-s3
  bson_ext
  cucumber
  dm-core
  dm-migrations
  dm-sqlite-adapter
  dm-validations
  image_science
  json
  mini_magick
  mongoid (~> 8.0.3)
  rmagick
  rspec
  sequel
  sqlite3-ruby
  timecop
